PATH
  remote: .
  specs:
    auth0_current_user (0.1.0.2)
      activesupport
      jwt
      request_store
      uri

GEM
  remote: https://rubygems.org/
  specs:
    activesupport (6.0.3.3)
      concurrent-ruby (~> 1.0, >= 1.0.2)
      i18n (>= 0.7, < 2)
      minitest (~> 5.1)
      tzinfo (~> 1.1)
      zeitwerk (~> 2.2, >= 2.2.2)
    concurrent-ruby (1.1.7)
    i18n (1.8.5)
      concurrent-ruby (~> 1.0)
    jwt (2.2.2)
    minitest (5.14.2)
    rack (2.2.3)
    rake (12.3.3)
    request_store (1.5.0)
      rack (>= 1.4)
    thread_safe (0.3.6)
    tzinfo (1.2.7)
      thread_safe (~> 0.1)
    uri (0.10.0)
    zeitwerk (2.4.0)

PLATFORMS
  ruby

DEPENDENCIES
  auth0_current_user!
  rake (~> 12.0)

BUNDLED WITH
   2.1.4
